GEM
  remote: http://rubygems.org/
  specs:
    sass (3.3.14)

PLATFORMS
  ruby

DEPENDENCIES
  sass
